GEM
  remote: https://rubygems.org/
  specs:
    CFPropertyList (2.2.8)
    facter (2.4.6)
      CFPropertyList (~> 2.2.6)
    hiera (1.3.4)
      json_pure
    json (2.0.2)
    json_pure (2.0.2)
    kafo_parsers (0.1.4)
      json
      rdoc (>= 3.9.0)
    puppet (3.8.7)
      facter (> 1.6, < 3)
      hiera (~> 1.0)
      json_pure
    puppet-syntax (2.1.1)
      rake
    rake (11.3.0)
    rdoc (5.0.0)

PLATFORMS
  ruby

DEPENDENCIES
  kafo_parsers
  puppet (~> 3.8)
  puppet-syntax

BUNDLED WITH
   1.13.6
